PATH
  remote: .
  specs:
    oxidized (0.8.1)
      asetus (~> 0.1)
      net-ssh (~> 2.8)
      rugged (~> 0.21, >= 0.21.4)
      slop (~> 3.5)

GEM
  remote: https://rubygems.org/
  specs:
    asetus (0.3.0)
    coderay (1.1.0)
    metaclass (0.0.4)
    method_source (0.8.2)
    minitest (5.8.2)
    mocha (1.1.0)
      metaclass (~> 0.0.1)
    net-ssh (2.9.2)
    pry (0.10.3)
      coderay (~> 1.1.0)
      method_source (~> 0.8.1)
      slop (~> 3.4)
    rake (10.4.2)
    rugged (0.23.3)
    slop (3.6.0)

PLATFORMS
  ruby

DEPENDENCIES
  bundler (~> 1.10)
  minitest (~> 5.8)
  mocha (~> 1.1)
  oxidized!
  pry (~> 0)
  rake (~> 10.0)

BUNDLED WITH
   1.10.6
