PATH
  remote: .
  specs:
    oxidized (0.21.0)
      asetus (~> 0.1)
      net-ssh (~> 4.1.0)
      net-telnet (~> 0)
      rugged (~> 0.21, >= 0.21.4)
      slop (~> 3.5)

GEM
  remote: https://rubygems.org/
  specs:
    asetus (0.3.0)
    coderay (1.1.1)
    git (1.3.0)
    metaclass (0.0.4)
    method_source (0.8.2)
    minitest (5.10.1)
    mocha (1.2.1)
      metaclass (~> 0.0.1)
    net-ssh (4.1.0)
    net-telnet (0.1.1)
    pry (0.11.0.pre2)
      coderay (~> 1.1.0)
      method_source (~> 0.8.1)
    rake (10.5.0)
    rugged (0.26.0)
    slop (3.6.0)

PLATFORMS
  ruby

DEPENDENCIES
  bundler (~> 1.10)
  git (~> 1)
  minitest (~> 5.10)
  mocha (~> 1.1)
  oxidized!
  pry (~> 0)
  rake (~> 10.0)

RUBY VERSION
   ruby 2.4.1p111

BUNDLED WITH
   1.15.4
